GEM
  remote: http://rubygems.org/
  specs:
    minitest (5.23.1)

PLATFORMS
  arm64-darwin-23
  ruby

DEPENDENCIES
  minitest

BUNDLED WITH
   2.5.11
